PATH
  remote: .
  specs:
    stanfordparser (3.0.0)
      rjb
      treebank

GEM
  remote: https://rubygems.org/
  specs:
    rake (10.1.0)
    rjb (1.4.8)
    treebank (3.0.0)

PLATFORMS
  ruby

DEPENDENCIES
  rake
  rjb
  stanfordparser!
  treebank
